GEM
  remote: http://rubygems.org/
  specs:
    ZenTest (4.4.2)
    actionmailer (2.3.5)
      actionpack (= 2.3.5)
    actionpack (2.3.5)
      activesupport (= 2.3.5)
      rack (~> 1.0.0)
    activerecord (2.3.5)
      activesupport (= 2.3.5)
    activerecord-jdbc-adapter (1.1.0)
    activerecord-jdbcmysql-adapter (1.1.0)
      activerecord-jdbc-adapter (= 1.1.0)
      jdbc-mysql (~> 5.1.0)
    activeresource (2.3.5)
      activesupport (= 2.3.5)
    activesupport (2.3.5)
    acts-as-taggable-on (2.0.6)
    authlogic (2.1.6)
      activesupport
    builder (3.0.0)
    capistrano (2.5.19)
      highline
      net-scp (>= 1.0.0)
      net-sftp (>= 2.0.0)
      net-ssh (>= 2.0.14)
      net-ssh-gateway (>= 1.0.0)
    capybara (0.4.0)
      celerity (>= 0.7.9)
      culerity (>= 0.2.4)
      mime-types (>= 1.16)
      nokogiri (>= 1.3.3)
      rack (>= 1.0.0)
      rack-test (>= 0.5.4)
      selenium-webdriver (>= 0.0.27)
      xpath (~> 0.1.2)
    celerity (0.8.6)
    childprocess (0.1.6)
      ffi (~> 0.6.3)
    columnize (0.3.2)
    cucumber (0.10.0)
      builder (>= 2.1.2)
      diff-lcs (~> 1.1.2)
      gherkin (~> 2.3.2)
      json (~> 1.4.6)
      term-ansicolor (~> 1.0.5)
    cucumber-rails (0.3.2)
      cucumber (>= 0.8.0)
    culerity (0.2.13)
    daemons (1.1.0)
    database_cleaner (0.6.0)
    delayed_job (2.0.5)
      daemons
    diff-lcs (1.1.2)
    easy_roles (1.1.0)
    factory_girl (1.3.2)
    ffi (0.6.3)
      rake (>= 0.8.7)
    ffi (0.6.3-java)
    gherkin (2.3.2)
      json (~> 1.4.6)
      term-ansicolor (~> 1.0.5)
    gherkin (2.3.2-java)
      json (~> 1.4.6)
      term-ansicolor (~> 1.0.5)
    highlight (1.1.2)
      activesupport (>= 2.0.0)
    highline (1.6.1)
    hoe (2.8.0)
      rake (>= 0.8.7)
    jdbc-mysql (5.1.13)
    json (1.4.6)
    json (1.4.6-java)
    json_pure (1.4.6)
    linecache (0.43)
    mime-types (1.16)
    mysql (2.8.1)
    net-scp (1.0.4)
      net-ssh (>= 1.99.1)
    net-sftp (2.0.5)
      net-ssh (>= 2.0.9)
    net-ssh (2.0.23)
    net-ssh-gateway (1.0.1)
      net-ssh (>= 1.99.1)
    nifty-generators (0.4.2)
    nokogiri (1.4.4)
    nokogiri (1.4.4-java)
      weakling (>= 0.0.3)
    paperclip (2.3.8)
      activerecord
      activesupport
    rack (1.0.1)
    rack-test (0.5.6)
      rack (>= 1.0)
    rails (2.3.5)
      actionmailer (= 2.3.5)
      actionpack (= 2.3.5)
      activerecord (= 2.3.5)
      activeresource (= 2.3.5)
      activesupport (= 2.3.5)
      rake (>= 0.8.3)
    rake (0.8.7)
    rspec (1.3.1)
    rspec-rails (1.3.3)
      rack (>= 1.0.0)
      rspec (= 1.3.1)
    ruby-debug (0.10.3)
      columnize (>= 0.1)
      ruby-debug-base (~> 0.10.3.0)
    ruby-debug-base (0.10.3)
      linecache (>= 0.3)
    rubyzip (0.9.4)
    selenium-client (1.2.18)
    selenium-webdriver (0.1.2)
      childprocess (~> 0.1.5)
      ffi (~> 0.6.3)
      json_pure
      rubyzip
    sqlite3-ruby (1.3.2)
    term-ansicolor (1.0.5)
    test-unit (1.2.3)
      hoe (>= 1.5.1)
    weakling (0.0.4-java)
    xpath (0.1.2)
      nokogiri (~> 1.3)

PLATFORMS
  java
  ruby

DEPENDENCIES
  ZenTest
  activerecord-jdbcmysql-adapter
  acts-as-taggable-on
  authlogic
  bundler
  capistrano
  capybara
  cucumber
  cucumber-rails
  database_cleaner
  delayed_job
  easy_roles
  factory_girl
  highlight
  mysql
  nifty-generators
  paperclip
  rack
  rails (= 2.3.5)
  rspec (= 1.3.1)
  rspec-rails
  ruby-debug (= 0.10.3)
  selenium-client
  sqlite3-ruby
  test-unit (= 1.2.3)
